GIT
  remote: git://github.com/basho/riak-ruby-client.git
  revision: 390262e5081f5ab75e39202b1689a67198471abb
  specs:
    riak-client (2.1.0)
      beefcake (~> 1.0)
      cert_validator (~> 0.0.1)
      i18n (>= 0.4.0)
      innertube (~> 1.0.2)
      multi_json (~> 1.0)

GIT
  remote: git://github.com/sferik/twitter.git
  revision: 798f0244f99d306c320890844e8cf966f382129c
  branch: master
  specs:
    twitter (5.13.0)
      addressable (~> 2.3)
      buftok (~> 0.2.0)
      equalizer (~> 0.0.9)
      http (~> 0.6.0)
      http_parser.rb (~> 0.6.0)
      memoizable (~> 0.4.0)
      multipart-post (~> 2.0)
      naught (~> 1.0)
      simple_oauth (~> 0.3.0)

GEM
  remote: https://rubygems.org/
  specs:
    addressable (2.3.6)
    beefcake (1.0.0)
    buftok (0.2.0)
    cert_validator (0.0.1)
    equalizer (0.0.9)
    http (0.6.3)
      http_parser.rb (~> 0.6.0)
    http_parser.rb (0.6.0)
    i18n (0.6.11)
    innertube (1.0.2)
    memoizable (0.4.2)
      thread_safe (~> 0.3, >= 0.3.1)
    multi_json (1.10.1)
    multipart-post (2.0.0)
    naught (1.0.0)
    simple_oauth (0.3.0)
    thread_safe (0.3.4)
    yajl-ruby (1.2.1)

PLATFORMS
  ruby

DEPENDENCIES
  riak-client!
  twitter!
  yajl-ruby
