GIT
  remote: git://github.com/basho/riak-ruby-client.git
  revision: a8be8aaab3a5100c5d6bc332d6236157be569dde
  specs:
    riak-client (1.4.0)
      beefcake (~> 0.3.7)
      builder (>= 2.1.2)
      i18n (>= 0.4.0)
      innertube (~> 1.0.2)
      multi_json (~> 1.0)

GIT
  remote: git://github.com/lukebakken/twitter.git
  revision: 63b86fdb06dde17a68151c4cc536ac62712ba2f9
  branch: add-raw-data
  specs:
    twitter (5.0.0.rc.1)
      buftok (~> 0.1.0)
      descendants_tracker (~> 0.0.1)
      equalizer (~> 0.0.7)
      faraday (>= 0.8, < 0.10)
      http (~> 0.5.0)
      http_parser.rb (~> 0.5.0)
      json (~> 1.8)
      simple_oauth (~> 0.2.0)
      thread_safe (~> 0.1.3)

GEM
  remote: https://rubygems.org/
  specs:
    atomic (1.1.14)
    beefcake (0.3.7)
    buftok (0.1)
    builder (3.2.2)
    descendants_tracker (0.0.3)
    equalizer (0.0.7)
    faraday (0.8.8)
      multipart-post (~> 1.2.0)
    http (0.5.0)
      http_parser.rb
    http_parser.rb (0.5.3)
    i18n (0.6.5)
    innertube (1.0.2)
    json (1.8.1)
    multi_json (1.8.2)
    multipart-post (1.2.0)
    simple_oauth (0.2.0)
    thread_safe (0.1.3)
      atomic
    yajl-ruby (1.1.0)

PLATFORMS
  ruby

DEPENDENCIES
  riak-client!
  twitter!
  yajl-ruby
